GEM
  remote: http://rubygems.org/
  specs:
    mediawiki-gateway (1.0.0)
      rest-client (~> 1.7)
    mime-types (2.4.3)
    netrc (0.8.0)
    rest-client (1.7.2)
      mime-types (>= 1.16, < 3.0)
      netrc (~> 0.7)
    unicode (0.4.4.1)

PLATFORMS
  ruby

DEPENDENCIES
  mediawiki-gateway (~> 1.0.0)
  unicode (~> 0.4.4.1)
