GEM
  remote: http://rubygems.org/
  specs:
    activesupport (3.2.9)
      i18n (~> 0.6)
      multi_json (~> 1.0)
    i18n (0.6.1)
    mediawiki-gateway (0.5.1)
      activesupport
      rest-client (>= 1.3.0)
    mime-types (1.19)
    multi_json (1.3.7)
    rest-client (1.6.7)
      mime-types (>= 1.16)

PLATFORMS
  ruby

DEPENDENCIES
  mediawiki-gateway
